PATH
  remote: .
  specs:
    qr4r (0.1.4)
      mojo_magick
      rqrcode

GEM
  remote: http://rubygems.org/
  specs:
    mojo_magick (0.4.2)
    rake (0.9.2.2)
    rqrcode (0.4.2)

PLATFORMS
  ruby

DEPENDENCIES
  qr4r!
  rake
